{
  "PowerLineFrequency": 50,
  "TaskName": "Drive",
  "EEGChannelCount": 64,
  "MiscChannelCount": 8,
  "EEGReference": "common",
  "RecordingType": "continuous",
  "RecordingDuration": 1147,
  "SamplingFrequency": 1024,
  "EOGChannelCount": 0,
  "ECGChannelCount": 0,
  "EMGChannelCount": 0,
  "SoftwareFilters": "n/a"
}